GEM
  remote: https://rubygems.org/
  specs:
    byebug (11.0.1)
    httparty (0.16.4)
      mime-types (~> 3.0)
      multi_xml (>= 0.5.2)
    mime-types (3.2.2)
      mime-types-data (~> 3.2015)
    mime-types-data (3.2019.0331)
    mini_portile2 (2.4.0)
    multi_xml (0.6.0)
    nokogiri (1.10.2-x86-mingw32)
      mini_portile2 (~> 2.4.0)

PLATFORMS
  x86-mingw32

DEPENDENCIES
  byebug
  httparty
  nokogiri

BUNDLED WITH
   2.0.1
